GEM
  remote: http://rubygems.org/
  specs:
    backports (2.6.4)
    builder (2.1.2)
    json (1.7.0)
    macaddr (1.6.1)
      systemu (~> 2.5.0)
    monkey-lib (0.5.4)
      backports
    rack (1.4.1)
    rack-protection (1.2.0)
      rack
    redis (3.0.1)
    sinatra (1.3.3)
      rack (~> 1.3, >= 1.3.6)
      rack-protection (~> 1.2)
      tilt (~> 1.3, >= 1.3.3)
    sinatra-advanced-routes (0.5.1)
      monkey-lib (~> 0.5.0)
      sinatra (~> 1.0)
      sinatra-sugar (~> 0.5.0)
    sinatra-reloader (0.5.0)
      sinatra (~> 1.0)
      sinatra-advanced-routes (~> 0.5.0)
    sinatra-sugar (0.5.1)
      monkey-lib (~> 0.5.0)
      sinatra (~> 1.0)
    systemu (2.5.2)
    tilt (1.3.3)
    uuid (2.3.1)
      macaddr (~> 1.0)

PLATFORMS
  ruby

DEPENDENCIES
  builder (= 2.1.2)
  json (= 1.7.0)
  redis (= 3.0.1)
  sinatra (= 1.3.3)
  sinatra-reloader (= 0.5.0)
  uuid (= 2.3.1)
